PATH
  remote: .
  specs:
    sidekiq-heroku-autoscale (0.0.1)
      platform-api (~> 3.7.0)
      sidekiq (>= 5.2.10, < 7.0)

GEM
  remote: http://rubygems.org/
  specs:
    base64 (0.2.0)
    connection_pool (2.4.1)
    erubis (2.7.0)
    excon (1.2.1)
    heroics (0.1.3)
      base64
      erubis (~> 2.0)
      excon
      moneta
      multi_json (>= 1.9.2)
      webrick
    minitest (5.25.1)
    moneta (1.0.0)
    multi_json (1.15.0)
    platform-api (3.7.0)
      heroics (~> 0.1.1)
      moneta (~> 1.0.0)
      rate_throttle_client (~> 0.1.0)
    rack (2.2.10)
    rack-protection (3.2.0)
      base64 (>= 0.1.0)
      rack (~> 2.2, >= 2.2.4)
    rake (12.3.3)
    rate_throttle_client (0.1.2)
    redis (4.5.1)
    sidekiq (5.2.10)
      connection_pool (~> 2.2, >= 2.2.2)
      rack (~> 2.0)
      rack-protection (>= 1.5.0)
      redis (~> 4.5, < 4.6.0)
    webrick (1.9.0)

PLATFORMS
  ruby

DEPENDENCIES
  bundler (~> 2.0)
  minitest (~> 5.12)
  rake (~> 12.0)
  sidekiq-heroku-autoscale!

BUNDLED WITH
   2.5.23
